PATH
  remote: .
  specs:
    sec_gov (0.0.1)
      httparty
      nokogiri

GEM
  remote: https://rubygems.org/
  specs:
    httparty (0.13.3)
      json (~> 1.8)
      multi_xml (>= 0.5.2)
    json (1.8.2)
    mini_portile (0.6.2)
    minitest (4.7.5)
    multi_xml (0.5.5)
    nokogiri (1.6.6.2)
      mini_portile (~> 0.6.0)
    rake (10.4.2)

PLATFORMS
  ruby

DEPENDENCIES
  bundler
  minitest
  rake
  sec_gov!
